GEM
  remote: https://index.rubygems.org/
  specs:
    addressable (2.8.4)
      public_suffix (>= 2.0.2, < 6.0)
    autotest (5.0.0)
      minitest-autotest (~> 1.0)
    autotest-fsevent (0.2.20)
      sys-uname
    autotest-growl (0.2.16)
    autotest-rails-pure (4.1.2)
    crack (0.4.5)
      rexml
    diff-lcs (1.5.0)
    faraday (2.7.10)
      faraday-net_http (>= 2.0, < 3.1)
      ruby2_keywords (>= 0.0.4)
    faraday-net_http (3.0.2)
    ffi (1.15.5)
    hashdiff (1.0.1)
    json (2.6.3)
    mimemagic (0.4.3)
      nokogiri (~> 1)
      rake
    minitest (5.19.0)
    minitest-autotest (1.1.1)
      minitest-server (~> 1.0)
      path_expander (~> 1.0)
    minitest-server (1.0.7)
      minitest (~> 5.16)
    nokogiri (1.15.3-x86_64-linux)
      racc (~> 1.4)
    path_expander (1.1.1)
    public_suffix (5.0.3)
    racc (1.7.1)
    rake (13.0.6)
    rexml (3.2.6)
    rspec (3.12.0)
      rspec-core (~> 3.12.0)
      rspec-expectations (~> 3.12.0)
      rspec-mocks (~> 3.12.0)
    rspec-core (3.12.2)
      rspec-support (~> 3.12.0)
    rspec-expectations (3.12.3)
      diff-lcs (>= 1.2.0, < 2.0)
      rspec-support (~> 3.12.0)
    rspec-mocks (3.12.6)
      diff-lcs (>= 1.2.0, < 2.0)
      rspec-support (~> 3.12.0)
    rspec-support (3.12.1)
    ruby2_keywords (0.0.5)
    sys-uname (1.2.3)
      ffi (~> 1.1)
    vcr (6.2.0)
    webmock (3.18.1)
      addressable (>= 2.8.0)
      crack (>= 0.3.2)
      hashdiff (>= 0.4.0, < 2.0.0)

PLATFORMS
  ruby
  x86_64-linux

DEPENDENCIES
  autotest (~> 5.0.0)
  autotest-fsevent (~> 0.2.20)
  autotest-growl (~> 0.2.16)
  autotest-rails-pure (~> 4.1.2)
  faraday (~> 2.7.10)
  json (~> 2.6.3)
  mimemagic (~> 0.4.3)
  rspec (~> 3.12.0)
  vcr (~> 6.2.0)
  webmock (~> 3.18.1)
